GEM
  remote: https://rubygems.org/
  specs:
    em-http-server (0.1.8)
      eventmachine
    eventmachine (1.2.7)

PLATFORMS
  ruby

DEPENDENCIES
  em-http-server!
  eventmachine!

BUNDLED WITH
   2.0.2
